GEM
  remote: https://rubygems.org/
  specs:
    rake (10.4.2)
    trollop (2.1.1)

PLATFORMS
  ruby

DEPENDENCIES
  rake
  trollop
